PATH
  remote: .
  specs:
    shopify_api (11.0.1)
      concurrent-ruby
      hash_diff
      httparty
      jwt
      oj
      openssl
      securerandom
      sorbet-runtime

GEM
  remote: https://rubygems.org/
  specs:
    activesupport (5.2.8.1)
      concurrent-ruby (~> 1.0, >= 1.0.2)
      i18n (>= 0.7, < 2)
      minitest (~> 5.1)
      tzinfo (~> 1.1)
    addressable (2.8.0)
      public_suffix (>= 2.0.2, < 5.0)
    ast (2.4.2)
    concurrent-ruby (1.1.10)
    crack (0.4.5)
      rexml
    fakefs (1.2.1)
    hash_diff (1.0.0)
    hashdiff (1.0.1)
    httparty (0.20.0)
      mime-types (~> 3.0)
      multi_xml (>= 0.5.2)
    i18n (1.12.0)
      concurrent-ruby (~> 1.0)
    ipaddr (1.2.4)
    jaro_winkler (1.5.4)
    jwt (2.3.0)
    mime-types (3.4.1)
      mime-types-data (~> 3.2015)
    mime-types-data (3.2022.0105)
    minitest (5.15.0)
    mocha (1.14.0)
    multi_xml (0.6.0)
    oj (3.10.8)
    openssl (2.2.1)
      ipaddr
    parallel (1.19.2)
    parser (3.1.2.0)
      ast (~> 2.4.1)
    public_suffix (4.0.7)
    rainbow (3.1.1)
    rake (13.0.6)
    rexml (3.2.5)
    rubocop (0.81.0)
      jaro_winkler (~> 1.5.1)
      parallel (~> 1.10)
      parser (>= 2.7.0.1)
      rainbow (>= 2.2.2, < 4.0)
      rexml
      ruby-progressbar (~> 1.7)
      unicode-display_width (>= 1.4.0, < 2.0)
    rubocop-shopify (1.0.1)
      rubocop (>= 0.81.0)
    rubocop-sorbet (0.6.2)
      rubocop
    ruby-progressbar (1.11.0)
    securerandom (0.1.1)
    sorbet (0.5.10187)
      sorbet-static (= 0.5.10187)
    sorbet-runtime (0.5.10187)
    sorbet-static (0.5.10187-x86_64-linux)
    tapioca (0.0.1)
    thread_safe (0.3.6)
    tzinfo (1.2.10)
      thread_safe (~> 0.1)
    unicode-display_width (1.8.0)
    webmock (3.14.0)
      addressable (>= 2.8.0)
      crack (>= 0.3.2)
      hashdiff (>= 0.4.0, < 2.0.0)

PLATFORMS
  x86_64-linux

DEPENDENCIES
  activesupport
  fakefs
  minitest
  mocha
  rake
  rubocop
  rubocop-shopify
  rubocop-sorbet
  shopify_api!
  sorbet
  tapioca
  webmock

BUNDLED WITH
   2.3.18
